GEM
  remote: https://rubygems.org/
  specs:
    concurrent-ruby (1.2.3)
    connection_pool (2.4.1)
    rack (3.0.9)
    redis-client (0.20.0)
      connection_pool
    sidekiq (7.2.1)
      concurrent-ruby (< 2)
      connection_pool (>= 2.3.0)
      rack (>= 2.2.4)
      redis-client (>= 0.19.0)

PLATFORMS
  x86_64-linux

DEPENDENCIES
  sidekiq

BUNDLED WITH
   2.4.6
